GIT
  remote: https://github.com/p8/sdoc.git
  revision: 4c5d4a0863ef1c44a41e828ce621c23a6a2e2712
  branch: without-frames
  specs:
    sdoc (1.1.0)
      rdoc (>= 5.0)

PATH
  remote: .
  specs:
    redistimeseries (0.1.0)
      redis (>= 4)

GEM
  remote: https://rubygems.org/
  specs:
    ast (2.4.0)
    diff-lcs (1.3)
    jaro_winkler (1.5.4)
    parallel (1.19.1)
    parser (2.7.1.2)
      ast (~> 2.4.0)
    rainbow (3.0.0)
    rake (12.3.3)
    rdoc (6.2.1)
    redis (4.1.4)
    rexml (3.2.4)
    rspec (3.9.0)
      rspec-core (~> 3.9.0)
      rspec-expectations (~> 3.9.0)
      rspec-mocks (~> 3.9.0)
    rspec-core (3.9.2)
      rspec-support (~> 3.9.3)
    rspec-expectations (3.9.2)
      diff-lcs (>= 1.2.0, < 2.0)
      rspec-support (~> 3.9.0)
    rspec-mocks (3.9.1)
      diff-lcs (>= 1.2.0, < 2.0)
      rspec-support (~> 3.9.0)
    rspec-support (3.9.3)
    rubocop (0.82.0)
      jaro_winkler (~> 1.5.1)
      parallel (~> 1.10)
      parser (>= 2.7.0.1)
      rainbow (>= 2.2.2, < 4.0)
      rexml
      ruby-progressbar (~> 1.7)
      unicode-display_width (>= 1.4.0, < 2.0)
    ruby-progressbar (1.10.1)
    unicode-display_width (1.7.0)

PLATFORMS
  ruby

DEPENDENCIES
  rake (~> 12.0)
  redistimeseries!
  rspec (~> 3.0)
  rubocop (~> 0.82.0)
  sdoc!

BUNDLED WITH
   2.1.2
